GIT
  remote: git://github.com/dsaronin/banner-rotator.git
  revision: ba129692a3e5866fe623c04c6c2aa287d87d01a8
  branch: master
  specs:
    banner-rotator (0.1.13)
      refinerycms-page-images (~> 1.0.3)

GIT
  remote: git://github.com/dsaronin/refinerycms-blog
  revision: 3f4844351fedd1558d02b4cfdc3e7360fc23bf20
  branch: master
  specs:
    refinerycms-blog (1.2)
      filters_spam (~> 0.2)
      refinerycms (>= 0.9.8)

GIT
  remote: git://github.com/dsaronin/refinerycms-galleries
  revision: 652e038e32369b3b4c7ef9ae2b249b296024e13c
  branch: master
  specs:
    refinerycms-galleries (0.4)

GIT
  remote: git://github.com/dsaronin/refinerycms-news
  revision: 4c169af5bad6e554503d52f898a5c7b722b134bd
  branch: master
  specs:
    refinerycms-news (1.0)
      refinerycms (~> 0.9.8)

GEM
  remote: http://rubygems.org/
  specs:
    ZenTest (4.5.0)
    abstract (1.0.0)
    actionmailer (3.0.3)
      actionpack (= 3.0.3)
      mail (~> 2.2.9)
    actionpack (3.0.3)
      activemodel (= 3.0.3)
      activesupport (= 3.0.3)
      builder (~> 2.1.2)
      erubis (~> 2.6.6)
      i18n (~> 0.4)
      rack (~> 1.2.1)
      rack-mount (~> 0.6.13)
      rack-test (~> 0.5.6)
      tzinfo (~> 0.3.23)
    activemodel (3.0.3)
      activesupport (= 3.0.3)
      builder (~> 2.1.2)
      i18n (~> 0.4)
    activerecord (3.0.3)
      activemodel (= 3.0.3)
      activesupport (= 3.0.3)
      arel (~> 2.0.2)
      tzinfo (~> 0.3.23)
    activeresource (3.0.3)
      activemodel (= 3.0.3)
      activesupport (= 3.0.3)
    activesupport (3.0.3)
    acts_as_indexed (0.6.7)
    arel (2.0.10)
    authlogic (2.1.6)
      activesupport
    autotest (4.4.6)
      ZenTest (>= 4.4.1)
    autotest-inotify (0.0.6)
      autotest (>= 4.2.4)
      rb-inotify
    autotest-notification (2.3.1)
      autotest (~> 4.3)
    autotest-rails (4.1.0)
      ZenTest
    aws-s3 (0.6.2)
      builder
      mime-types
      xml-simple
    babosa (0.2.2)
    bcrypt-ruby (2.1.4)
    builder (2.1.2)
    capybara (0.4.1.2)
      celerity (>= 0.7.9)
      culerity (>= 0.2.4)
      mime-types (>= 1.16)
      nokogiri (>= 1.3.3)
      rack (>= 1.0.0)
      rack-test (>= 0.5.4)
      selenium-webdriver (>= 0.0.27)
      xpath (~> 0.1.3)
    celerity (0.8.9)
    cgi_multipart_eof_fix (2.5.0)
    childprocess (0.1.9)
      ffi (~> 1.0.6)
    columnize (0.3.2)
    configuration (1.2.0)
    cucumber (0.10.6)
      builder (>= 2.1.2)
      diff-lcs (>= 1.1.2)
      gherkin (~> 2.4.0)
      json (>= 1.4.6)
      term-ansicolor (>= 1.0.5)
    cucumber-rails (0.4.1)
      cucumber (>= 0.10.1)
      nokogiri (>= 1.4.4)
      rack-test (>= 0.5.7)
    culerity (0.2.15)
    daemons (1.1.3)
    database_cleaner (0.6.7)
    devise (1.1.8)
      bcrypt-ruby (~> 2.1.2)
      warden (~> 1.0.2)
    diff-lcs (1.1.2)
    dragonfly (0.8.2)
      rack
    erubis (2.6.6)
      abstract (>= 1.0.0)
    factory_girl (1.3.3)
    fastthread (1.0.7)
    ffi (1.0.9)
    filters_spam (0.3)
    friendly_id_globalize3 (3.2.1)
      babosa (~> 0.2.1)
    gem_plugin (0.2.3)
    gherkin (2.4.0)
      json (>= 1.4.6)
    globalize3 (0.1.0.beta)
      activemodel (>= 3.0.0)
      activerecord (>= 3.0.0)
    haml (3.1.2)
    heroku (2.2.8)
      launchy (>= 0.3.2)
      rest-client (~> 1.6.1)
      term-ansicolor (~> 1.0.5)
    i18n (0.5.0)
    json (1.5.1)
    json_pure (1.5.1)
    launchy (0.4.0)
      configuration (>= 0.0.5)
      rake (>= 0.8.1)
    mail (2.2.15)
      activesupport (>= 2.3.6)
      i18n (>= 0.4.0)
      mime-types (~> 1.16)
      treetop (~> 1.4.8)
    mime-types (1.16)
    mongrel (1.1.5)
      cgi_multipart_eof_fix (>= 2.4)
      daemons (>= 1.0.3)
      fastthread (>= 1.0.1)
      gem_plugin (>= 0.2.3)
    moretea-awesome_nested_set (1.4.3.1)
      activerecord (~> 3.0.0)
    nokogiri (1.4.4)
    pg (0.11.0)
    polyglot (0.3.1)
    rack (1.2.3)
    rack-cache (0.5.3)
      rack (>= 0.4)
    rack-mount (0.6.14)
      rack (>= 1.0.0)
    rack-test (0.5.7)
      rack (>= 1.0)
    rails (3.0.3)
      actionmailer (= 3.0.3)
      actionpack (= 3.0.3)
      activerecord (= 3.0.3)
      activeresource (= 3.0.3)
      activesupport (= 3.0.3)
      bundler (~> 1.0)
      railties (= 3.0.3)
    railties (3.0.3)
      actionpack (= 3.0.3)
      activesupport (= 3.0.3)
      rake (>= 0.8.7)
      thor (~> 0.14.4)
    rake (0.9.2)
    rb-inotify (0.8.5)
      ffi (>= 0.5.0)
    rdoc (3.6.1)
    recaptcha (0.3.1)
    redgreen (1.2.2)
    refinerycms (0.9.9)
      acts_as_indexed (~> 0.6.6)
      bundler (~> 1.0.5)
      devise (~> 1.1)
      dragonfly (~> 0.8.2)
      friendly_id_globalize3 (~> 3.2.0)
      globalize3 (>= 0.1.0.beta)
      moretea-awesome_nested_set (= 1.4.3.1)
      rack-cache (~> 0.5.2)
      rails (~> 3.0.3)
      rdoc (>= 2.5.11)
      truncate_html (~> 0.5)
      will_paginate (~> 3.0.pre)
    refinerycms-generators (0.9.9.1)
      refinerycms (>= 0.9.9)
    refinerycms-i18n (0.9.9.7)
      refinerycms (>= 0.9.8)
      routing-filter (>= 0.2.3)
    refinerycms-inquiries (0.9.9.9)
      filters_spam (~> 0.2)
    refinerycms-page-images (1.0.3)
      refinerycms (>= 0.9.9)
    rest-client (1.6.3)
      mime-types (>= 1.16)
    rmagick (2.12.2)
    routing-filter (0.2.3)
      actionpack
    rspec (2.3.0)
      rspec-core (~> 2.3.0)
      rspec-expectations (~> 2.3.0)
      rspec-mocks (~> 2.3.0)
    rspec-core (2.3.1)
    rspec-expectations (2.3.0)
      diff-lcs (~> 1.1.2)
    rspec-mocks (2.3.0)
    rspec-rails (2.3.0)
      actionpack (~> 3.0)
      activesupport (~> 3.0)
      railties (~> 3.0)
      rspec (~> 2.3.0)
    ruby-prof (0.10.7)
    rubyzip (0.9.4)
    sass (3.1.2)
    selenium-webdriver (0.2.1)
      childprocess (>= 0.1.7)
      ffi (>= 1.0.7)
      json_pure
      rubyzip
    sequel (3.20.0)
    sinatra (1.0)
      rack (>= 1.0)
    spork (0.8.5)
    sqlite3 (1.3.3)
    sqlite3-ruby (1.3.3)
      sqlite3 (>= 1.3.3)
    taps (0.3.23)
      rack (>= 1.0.1)
      rest-client (>= 1.4.0, < 1.7.0)
      sequel (~> 3.20.0)
      sinatra (~> 1.0.0)
      sqlite3-ruby (~> 1.2)
    term-ansicolor (1.0.5)
    thor (0.14.6)
    treetop (1.4.9)
      polyglot (>= 0.3.1)
    truncate_html (0.5.0)
    tzinfo (0.3.25)
    warden (1.0.3)
      rack (>= 1.0.0)
    will_paginate (3.0.pre2)
    xml-simple (1.0.12)
    xpath (0.1.4)
      nokogiri (~> 1.3)

PLATFORMS
  ruby

DEPENDENCIES
  ZenTest
  authlogic
  autotest
  autotest-inotify
  autotest-notification
  autotest-rails
  aws-s3
  babosa (= 0.2.2)
  banner-rotator!
  capybara
  columnize
  cucumber-rails
  database_cleaner
  devise (= 1.1.8)
  dragonfly (= 0.8.2)
  factory_girl
  friendly_id_globalize3 (= 3.2.1)
  gherkin
  globalize3 (= 0.1.0.beta)
  haml
  heroku
  i18n (= 0.5.0)
  json_pure
  launchy
  mail (= 2.2.15)
  mongrel
  pg
  rack-test (~> 0.5.6)
  rails (= 3.0.3)
  rb-inotify
  recaptcha
  redgreen
  refinerycms (= 0.9.9)
  refinerycms-blog!
  refinerycms-galleries!
  refinerycms-generators (= 0.9.9.1)
  refinerycms-i18n (= 0.9.9.7)
  refinerycms-inquiries (= 0.9.9.9)
  refinerycms-news!
  refinerycms-page-images (= 1.0.3)
  rmagick (~> 2.12.0)
  rspec-rails (= 2.3)
  ruby-prof
  sass
  spork (~> 0.8.5)
  sqlite3-ruby
  taps
  thor
  truncate_html (= 0.5.0)
  tzinfo (= 0.3.25)
  warden (= 1.0.3)
  xml-simple (= 1.0.12)
